GIT
  remote: git://github.com/Casecommons/hobson.git
  revision: 03572a430ea6985fc606aadbbb807de6c09289d4
  branch: casebook
  specs:
    hobson (0.0.1)
      actionpack (~> 3.0.11)
      activesupport (~> 3.0.11)
      childprocess
      fog
      haml
      i18n
      json
      log4r
      open4
      popen4
      rack
      redis-namespace (~> 1.0.2)
      redis-slave
      resque (~> 1.19.0)
      sass
      sinatra
      thor (~> 0.14.6)
      uuid
      vegas

GIT
  remote: https://github.com/deadlyicon/redis-slave.git
  revision: 22437f0e893b7cfee1997b82dc45cea72dcb5613
  specs:
    redis-slave (0.0.4)
      childprocess
      redis

GEM
  remote: http://rubygems.org/
  specs:
    Platform (0.4.0)
    abstract (1.0.0)
    actionpack (3.0.11)
      activemodel (= 3.0.11)
      activesupport (= 3.0.11)
      builder (~> 2.1.2)
      erubis (~> 2.6.6)
      i18n (~> 0.5.0)
      rack (~> 1.2.1)
      rack-mount (~> 0.6.14)
      rack-test (~> 0.5.7)
      tzinfo (~> 0.3.23)
    activemodel (3.0.11)
      activesupport (= 3.0.11)
      builder (~> 2.1.2)
      i18n (~> 0.5.0)
    activesupport (3.0.11)
    archive-tar-minitar (0.5.2)
    builder (2.1.2)
    childprocess (0.3.1)
      ffi (~> 1.0.6)
    columnize (0.3.6)
    erubis (2.6.6)
      abstract (>= 1.0.0)
    excon (0.6.6)
    ffi (1.0.11)
    fog (0.9.0)
      builder
      excon (~> 0.6.1)
      formatador (>= 0.1.3)
      json
      mime-types
      net-scp (>= 1.0.4)
      net-ssh (>= 2.1.4)
      nokogiri (>= 1.4.4)
      ruby-hmac
    formatador (0.2.1)
    haml (3.1.4)
    i18n (0.5.0)
    json (1.6.5)
    linecache19 (0.5.12)
      ruby_core_source (>= 0.1.4)
    log4r (1.1.10)
    macaddr (1.5.0)
      systemu (>= 2.4.0)
    mime-types (1.17.2)
    multi_json (1.1.0)
    net-scp (1.0.4)
      net-ssh (>= 1.99.1)
    net-ssh (2.3.0)
    nokogiri (1.5.0)
    open4 (1.3.0)
    popen4 (0.1.2)
      Platform (>= 0.4.0)
      open4 (>= 0.4.0)
    rack (1.2.5)
    rack-mount (0.6.14)
      rack (>= 1.0.0)
    rack-test (0.5.7)
      rack (>= 1.0)
    redis (2.2.2)
    redis-namespace (1.0.3)
      redis (< 3.0.0)
    resque (1.19.0)
      multi_json (~> 1.0)
      redis-namespace (~> 1.0.2)
      sinatra (>= 0.9.2)
      vegas (~> 0.1.2)
    ruby-debug-base19 (0.11.26)
      columnize (>= 0.3.1)
      linecache19 (>= 0.5.11)
      ruby_core_source (>= 0.1.4)
    ruby-debug19 (0.11.6)
      columnize (>= 0.3.1)
      linecache19 (>= 0.5.11)
      ruby-debug-base19 (>= 0.11.19)
    ruby-hmac (0.4.0)
    ruby_core_source (0.1.5)
      archive-tar-minitar (>= 0.5.2)
    sass (3.1.15)
    sinatra (1.2.8)
      rack (~> 1.1)
      tilt (>= 1.2.2, < 2.0)
    systemu (2.4.2)
    thor (0.14.6)
    tilt (1.3.3)
    tzinfo (0.3.31)
    uuid (2.3.5)
      macaddr (~> 1.0)
    vegas (0.1.11)
      rack (>= 1.0.0)

PLATFORMS
  ruby

DEPENDENCIES
  hobson!
  linecache19
  redis-slave (>= 0.0.4)!
  ruby-debug-base19 (= 0.11.26)
  ruby-debug19
  ruby_core_source
